GEM
  remote: https://rubygems.org/
  specs:
    abstract_type (0.0.7)
    adamantium (0.1.0)
      ice_nine (~> 0.9)
      thread_safe (~> 0.1.2)
    anima (0.1.1)
      abstract_type (~> 0.0.6)
      adamantium (~> 0.1.0)
      equalizer (~> 0.0.7)
    ast (1.1.0)
    atomic (1.1.14)
    celluloid (0.15.2)
      timers (~> 1.1.0)
    celluloid-io (0.15.0)
      celluloid (>= 0.15.0)
      nio4r (>= 0.5.0)
    coderay (1.1.0)
    columnize (0.3.6)
    concord (0.1.4)
      adamantium (~> 0.1)
      equalizer (~> 0.0.7)
    debugger (1.6.5)
      columnize (>= 0.3.1)
      debugger-linecache (~> 1.2.0)
      debugger-ruby_core_source (~> 1.3.1)
    debugger-linecache (1.2.0)
    debugger-ruby_core_source (1.3.1)
    descendants_tracker (0.0.3)
    diff-lcs (1.2.5)
    docile (1.1.3)
    equalizer (0.0.9)
    ffi (1.9.3)
    formatador (0.2.4)
    guard (2.4.0)
      formatador (>= 0.2.4)
      listen (~> 2.1)
      lumberjack (~> 1.0)
      pry (>= 0.9.12)
      thor (>= 0.18.1)
    guard-rspec (4.2.6)
      guard (~> 2.1)
      rspec (>= 2.14, < 4.0)
    ice_nine (0.11.0)
    inflecto (0.0.2)
    json (1.8.1)
    listen (2.5.0)
      celluloid (>= 0.15.2)
      celluloid-io (>= 0.15.0)
      rb-fsevent (>= 0.9.3)
      rb-inotify (>= 0.9)
    lumberjack (1.0.4)
    method_source (0.8.2)
    multi_json (1.8.4)
    mustermann (0.2.0)
    mutant (0.3.4)
      abstract_type (~> 0.0.7)
      adamantium (~> 0.1)
      anima (~> 0.1.1)
      concord (~> 0.1.4)
      descendants_tracker (~> 0.0.1)
      equalizer (~> 0.0.7)
      ice_nine (~> 0.9)
      inflecto (~> 0.0.2)
      parser (~> 2.1.4)
      procto (~> 0.0.2)
      rspec (~> 2.14.1)
      unparser (~> 0.1.8)
    nio4r (1.0.0)
    parser (2.1.4)
      ast (~> 1.1)
      slop (~> 3.4, >= 3.4.5)
    powerpack (0.0.9)
    procto (0.0.2)
    pry (0.9.12.6)
      coderay (~> 1.0)
      method_source (~> 0.8)
      slop (~> 3.4)
    rack (1.5.2)
    rack-test (0.6.2)
      rack (>= 1.0)
    rainbow (2.0.0)
    rake (10.1.1)
    rb-fsevent (0.9.4)
    rb-inotify (0.9.3)
      ffi (>= 0.5.0)
    rspec (2.14.1)
      rspec-core (~> 2.14.0)
      rspec-expectations (~> 2.14.0)
      rspec-mocks (~> 2.14.0)
    rspec-core (2.14.7)
    rspec-expectations (2.14.5)
      diff-lcs (>= 1.1.3, < 2.0)
    rspec-mocks (2.14.5)
    rubocop (0.18.1)
      json (>= 1.7.7, < 2)
      parser (~> 2.1.3)
      powerpack (~> 0.0.6)
      rainbow (>= 1.99.1, < 3.0)
    simplecov (0.8.2)
      docile (~> 1.1.0)
      multi_json
      simplecov-html (~> 0.8.0)
    simplecov-html (0.8.0)
    slop (3.4.7)
    thor (0.18.1)
    thread_safe (0.1.3)
      atomic
    timers (1.1.0)
    unparser (0.1.9)
      abstract_type (~> 0.0.7)
      adamantium (~> 0.1)
      concord (~> 0.1.4)
      equalizer (~> 0.0.7)
      parser (~> 2.1.0)
      procto (~> 0.0.2)

PLATFORMS
  ruby

DEPENDENCIES
  debugger
  guard
  guard-rspec
  json
  mustermann
  mutant (= 0.3.4)
  rack-test
  rake
  rspec
  rubocop
  simplecov
