GIT
  remote: https://github.com/solnic/mutant.git
  revision: a1c2c3df044e0fefc6feddbc9a01d463e58d852a
  branch: auto-expand-scope
  specs:
    mutant (0.3.0.rc2)
      adamantium (~> 0.1.0)
      anima (~> 0.1.1)
      concord (~> 0.1.4)
      descendants_tracker (~> 0.0.1)
      equalizer (~> 0.0.7)
      ice_nine (~> 0.8)
      inflecto (~> 0.0.2)
      parser (~> 2.0.0.pre7)
      rspec (~> 2.14.1)
      unparser (~> 0.1.1)

GEM
  remote: https://rubygems.org/
  specs:
    abstract_type (0.0.6)
    adamantium (0.1.0)
      ice_nine (~> 0.9)
      thread_safe (~> 0.1.2)
    anima (0.1.1)
      abstract_type (~> 0.0.6)
      adamantium (~> 0.1.0)
      equalizer (~> 0.0.7)
    ast (1.1.0)
    atomic (1.1.14)
    coderay (1.0.9)
    columnize (0.3.6)
    concord (0.1.4)
      adamantium (~> 0.1)
      equalizer (~> 0.0.7)
    debugger (1.6.2)
      columnize (>= 0.3.1)
      debugger-linecache (~> 1.2.0)
      debugger-ruby_core_source (~> 1.2.3)
    debugger-linecache (1.2.0)
    debugger-ruby_core_source (1.2.3)
    descendants_tracker (0.0.1)
    diff-lcs (1.2.4)
    equalizer (0.0.7)
    ffi (1.9.0)
    formatador (0.2.4)
    guard (1.8.3)
      formatador (>= 0.2.4)
      listen (~> 1.3)
      lumberjack (>= 1.0.2)
      pry (>= 0.9.10)
      thor (>= 0.14.6)
    guard-rspec (3.1.0)
      guard (>= 1.8)
      rspec (~> 2.13)
    ice_nine (0.10.0)
    inflecto (0.0.2)
    json (1.8.0)
    listen (1.3.1)
      rb-fsevent (>= 0.9.3)
      rb-inotify (>= 0.9)
      rb-kqueue (>= 0.2)
    lumberjack (1.0.4)
    method_source (0.8.2)
    multi_json (1.8.0)
    mustermann (0.2.0)
    parser (2.0.0.pre8)
      ast (~> 1.1)
      slop (~> 3.4, >= 3.4.5)
    pry (0.9.12.2)
      coderay (~> 1.0.5)
      method_source (~> 0.8)
      slop (~> 3.4)
    rack (1.5.2)
    rack-test (0.6.2)
      rack (>= 1.0)
    rake (10.1.0)
    rb-fsevent (0.9.3)
    rb-inotify (0.9.2)
      ffi (>= 0.5.0)
    rb-kqueue (0.2.0)
      ffi (>= 0.5.0)
    rspec (2.14.1)
      rspec-core (~> 2.14.0)
      rspec-expectations (~> 2.14.0)
      rspec-mocks (~> 2.14.0)
    rspec-core (2.14.5)
    rspec-expectations (2.14.3)
      diff-lcs (>= 1.1.3, < 2.0)
    rspec-mocks (2.14.3)
    simplecov (0.7.1)
      multi_json (~> 1.0)
      simplecov-html (~> 0.7.1)
    simplecov-html (0.7.1)
    slop (3.4.6)
    thor (0.18.1)
    thread_safe (0.1.3)
      atomic
    unparser (0.1.3)
      abstract_type (~> 0.0.6)
      adamantium (~> 0.1.0)
      concord (~> 0.1.1)
      equalizer (~> 0.0.7)
      parser (~> 2.0.0.pre7)

PLATFORMS
  ruby

DEPENDENCIES
  debugger
  guard
  guard-rspec
  json
  mustermann
  mutant!
  rack-test
  rake
  rspec
  simplecov
