GEM
  remote: https://rubygems.org/
  specs:
    abstract_type (0.0.5)
      backports (~> 3.0, >= 3.0.3)
    adamantium (0.0.7)
      backports (~> 3.0, >= 3.0.3)
      ice_nine (~> 0.7.0)
    backports (3.3.2)
    coderay (1.0.9)
    columnize (0.3.6)
    debugger (1.6.0)
      columnize (>= 0.3.1)
      debugger-linecache (~> 1.2.0)
      debugger-ruby_core_source (~> 1.2.1)
    debugger-linecache (1.2.0)
    debugger-ruby_core_source (1.2.3)
    descendants_tracker (0.0.1)
    diff-lcs (1.2.4)
    equalizer (0.0.5)
      adamantium (~> 0.0.6)
      backports (~> 3.0, >= 3.0.3)
    ffi (1.9.0)
    formatador (0.2.4)
    guard (1.8.1)
      formatador (>= 0.2.4)
      listen (>= 1.0.0)
      lumberjack (>= 1.0.2)
      pry (>= 0.9.10)
      thor (>= 0.14.6)
    guard-rspec (3.0.2)
      guard (>= 1.8)
      rspec (~> 2.13)
    ice_nine (0.7.0)
    inflecto (0.0.2)
    json (1.8.0)
    listen (1.2.2)
      rb-fsevent (>= 0.9.3)
      rb-inotify (>= 0.9)
      rb-kqueue (>= 0.2)
    lumberjack (1.0.4)
    method_source (0.8.1)
    multi_json (1.7.7)
    mustermann (0.2.0)
    mutant (0.2.20)
      abstract_type (~> 0.0.3)
      adamantium (~> 0.0.7)
      backports (~> 3.0, >= 3.0.3)
      descendants_tracker (~> 0.0.1)
      diff-lcs (~> 1.2.1)
      equalizer (~> 0.0.5)
      ice_nine (~> 0.7.0)
      inflecto (~> 0.0.2)
      rspec (~> 2.13.0)
      to_source (~> 0.2.19)
    mutant-melbourne (2.0.3)
    pry (0.9.12.2)
      coderay (~> 1.0.5)
      method_source (~> 0.8)
      slop (~> 3.4)
    rack (1.5.2)
    rack-test (0.6.2)
      rack (>= 1.0)
    rake (10.1.0)
    rb-fsevent (0.9.3)
    rb-inotify (0.9.0)
      ffi (>= 0.5.0)
    rb-kqueue (0.2.0)
      ffi (>= 0.5.0)
    rspec (2.13.0)
      rspec-core (~> 2.13.0)
      rspec-expectations (~> 2.13.0)
      rspec-mocks (~> 2.13.0)
    rspec-core (2.13.1)
    rspec-expectations (2.13.0)
      diff-lcs (>= 1.1.3, < 2.0)
    rspec-mocks (2.13.1)
    simplecov (0.7.1)
      multi_json (~> 1.0)
      simplecov-html (~> 0.7.1)
    simplecov-html (0.7.1)
    slop (3.4.5)
    thor (0.18.1)
    to_source (0.2.20)
      abstract_type (~> 0.0.5)
      adamantium (~> 0.0.7)
      equalizer (~> 0.0.5)
      mutant-melbourne (~> 2.0.3)

PLATFORMS
  ruby

DEPENDENCIES
  debugger
  guard
  guard-rspec
  json
  mustermann
  mutant
  rack-test
  rake
  rspec
  simplecov
